GIT
  remote: git://github.com/sinatra/sinatra.git
  revision: 4365cdae8a629f86c93208d22f642fa2d4327fbe
  specs:
    sinatra (1.4.0)
      rack (~> 1.3, >= 1.3.6)
      rack-protection (~> 1.2)
      tilt (~> 1.3, >= 1.3.3)

GEM
  remote: http://rubygems.org/
  specs:
    haml (3.1.6)
    rack (1.4.1)
    rack-protection (1.2.0)
      rack
    tilt (1.3.3)

PLATFORMS
  ruby

DEPENDENCIES
  haml
  sinatra!
